GEM
  remote: https://rubygems.org/
  specs:
    ansi (1.5.0)
    bcrypt (3.1.18)
    builder (3.2.4)
    erubis (2.7.0)
    eventmachine (1.2.7)
    mini (0.0.2)
      eventmachine (~> 1.0)
      rack (~> 1.0)
    minitest (5.16.3)
    minitest-reporters (1.5.0)
      ansi
      builder
      minitest (>= 5.0)
      ruby-progressbar
    pg (1.4.3)
    rack (1.6.13)
    rack-protection (1.5.5)
      rack
    ruby-progressbar (1.11.0)
    sinatra (1.4.8)
      rack (~> 1.5)
      rack-protection (~> 1.4)
      tilt (>= 1.3, < 3)
    tilt (2.0.11)

PLATFORMS
  x86_64-linux

DEPENDENCIES
  bcrypt
  erubis
  mini
  minitest-reporters
  pg
  rack
  sinatra

RUBY VERSION
   ruby 2.7.4p191

BUNDLED WITH
   2.3.10
